PATH
  remote: .
  specs:
    test-map (0.1.0)

GEM
  remote: https://rubygems.org/
  specs:
    coderay (1.1.3)
    diff-lcs (1.5.1)
    method_source (1.1.0)
    minitest (5.25.1)
    pry (0.14.2)
      coderay (~> 1.1)
      method_source (~> 1.0)
    rake (13.2.1)
    rspec (3.13.0)
      rspec-core (~> 3.13.0)
      rspec-expectations (~> 3.13.0)
      rspec-mocks (~> 3.13.0)
    rspec-core (3.13.1)
      rspec-support (~> 3.13.0)
    rspec-expectations (3.13.3)
      diff-lcs (>= 1.2.0, < 2.0)
      rspec-support (~> 3.13.0)
    rspec-mocks (3.13.1)
      diff-lcs (>= 1.2.0, < 2.0)
      rspec-support (~> 3.13.0)
    rspec-support (3.13.1)

PLATFORMS
  ruby
  x86_64-linux

DEPENDENCIES
  minitest (~> 5.25)
  pry (~> 0.14.2)
  rake (~> 13.0)
  rspec (~> 3.13)
  test-map!

BUNDLED WITH
   2.5.9
