PATH
  remote: ../..
  specs:
    test-map (0.1.0)

GEM
  remote: https://rubygems.org/
  specs:
    minitest (5.25.1)
    rake (13.2.1)

PLATFORMS
  ruby
  x86_64-linux

DEPENDENCIES
  minitest (~> 5.25)
  rake (~> 13.2)
  test-map!

BUNDLED WITH
   2.5.9
